GEM
  remote: http://rubygems.org/
  specs:
    addressable (2.2.6)
    bcrypt-ruby (3.0.1)
    chunky_png (1.2.5)
    compass (0.11.5)
      chunky_png (~> 1.2)
      fssm (>= 0.2.7)
      sass (~> 3.1)
    daemons (1.1.4)
    data_mapper (1.2.0.rc2)
      dm-aggregates (= 1.2.0.rc2)
      dm-constraints (= 1.2.0.rc2)
      dm-core (= 1.2.0.rc2)
      dm-migrations (= 1.2.0.rc2)
      dm-serializer (= 1.2.0.rc2)
      dm-timestamps (= 1.2.0.rc2)
      dm-transactions (= 1.2.0.rc2)
      dm-types (= 1.2.0.rc2)
      dm-validations (= 1.2.0.rc2)
    data_objects (0.10.6)
      addressable (~> 2.1)
    dm-aggregates (1.2.0.rc2)
      dm-core (~> 1.2.0.rc2)
    dm-constraints (1.2.0.rc2)
      dm-core (~> 1.2.0.rc2)
    dm-core (1.2.0.rc2)
      addressable (~> 2.2.6)
    dm-do-adapter (1.2.0.rc2)
      data_objects (~> 0.10.6)
      dm-core (~> 1.2.0.rc2)
    dm-migrations (1.2.0.rc2)
      dm-core (~> 1.2.0.rc2)
    dm-mysql-adapter (1.2.0.rc2)
      dm-do-adapter (~> 1.2.0.rc2)
      do_mysql (~> 0.10.6)
    dm-postgres-adapter (1.2.0.rc2)
      dm-do-adapter (~> 1.2.0.rc2)
      do_postgres (~> 0.10.6)
    dm-serializer (1.2.0.rc2)
      dm-core (~> 1.2.0.rc2)
      fastercsv (~> 1.5.4)
      json (~> 1.5.4)
      json_pure (~> 1.5.4)
      multi_json (~> 1.0.3)
    dm-sqlite-adapter (1.2.0.rc2)
      dm-do-adapter (~> 1.2.0.rc2)
      do_sqlite3 (~> 0.10.6)
    dm-timestamps (1.2.0.rc2)
      dm-core (~> 1.2.0.rc2)
    dm-transactions (1.2.0.rc2)
      dm-core (~> 1.2.0.rc2)
    dm-types (1.2.0.rc2)
      bcrypt-ruby (~> 3.0.0)
      dm-core (~> 1.2.0.rc2)
      fastercsv (~> 1.5.4)
      json (~> 1.5.4)
      multi_json (~> 1.0.3)
      stringex (~> 1.3.0)
      uuidtools (~> 2.1.2)
    dm-validations (1.2.0.rc2)
      dm-core (~> 1.2.0.rc2)
    do_mysql (0.10.6)
      data_objects (= 0.10.6)
    do_postgres (0.10.6)
      data_objects (= 0.10.6)
    do_sqlite3 (0.10.6)
      data_objects (= 0.10.6)
    eventmachine (0.12.10)
    fastercsv (1.5.4)
    fssm (0.2.7)
    haml (3.1.3)
    json (1.5.4)
    json_pure (1.5.4)
      spruz (~> 0.2.8)
    multi_json (1.0.3)
    rack (1.3.3)
    sass (3.1.7)
    sinatra (1.2.6)
      rack (~> 1.1)
      tilt (>= 1.2.2, < 2.0)
    spruz (0.2.13)
    stringex (1.3.0)
    thin (1.2.11)
      daemons (>= 1.0.9)
      eventmachine (>= 0.12.6)
      rack (>= 1.0.0)
    tilt (1.3.3)
    uuidtools (2.1.2)

PLATFORMS
  ruby

DEPENDENCIES
  bcrypt-ruby (>= 3.0.1)
  compass
  data_mapper (~> 1.2.0.rc2)
  dm-mysql-adapter (~> 1.2.0.rc2)
  dm-postgres-adapter (~> 1.2.0.rc2)
  dm-sqlite-adapter (~> 1.2.0.rc2)
  haml
  rack
  sinatra
  thin
